GIT
  remote: git://github.com/justinweiss/request_profiler.git
  revision: 1f2d8d23c2c1f38e77800727c0ec411a45f29113
  specs:
    request_profiler (0.0.4)
      ruby-prof

GIT
  remote: https://github.com/Quoin/couchrest_model.git
  revision: 72b801720ff225e5615db13bdbe9c7b8962ef13e
  ref: 72b801720ff225e5615db13bdbe9c7b8962ef13e
  specs:
    couchrest_model (2.0.3)
      activemodel (>= 4.0, >= 3.0)
      couchrest (>= 1.2)
      mime-types (>= 1.16)
      tzinfo (>= 0.3.22)

GIT
  remote: https://github.com/jawspeak/zipruby-compatibility-with-rubyzip-fork.git
  revision: f0e0668599cd95adb5d5024773a7b9eb16869a79
  tag: v0.3.7
  specs:
    zipruby-compat (0.3.7)

GIT
  remote: https://github.com/rapidftr/rapidftr-addon-cpims.git
  revision: 6d820ae76a6365436c4ef9325132422618178c7d
  branch: master
  specs:
    rapidftr_addon_cpims (0.0.4)
      activesupport
      chronic
      i18n
      writeexcel

GIT
  remote: https://github.com/rapidftr/rapidftr-addon.git
  revision: 30b6442b9ce69902c1b9b9b631061d54764f78bb
  branch: master
  specs:
    rapidftr_addon (0.0.2)
      activesupport
      i18n

GEM
  remote: https://rubygems.org/
  specs:
    Ascii85 (1.0.2)
    actionmailer (4.0.13)
      actionpack (= 4.0.13)
      mail (~> 2.5, >= 2.5.4)
    actionpack (4.0.13)
      activesupport (= 4.0.13)
      builder (~> 3.1.0)
      erubis (~> 2.7.0)
      rack (~> 1.5.2)
      rack-test (~> 0.6.2)
    activejob_backport (0.0.3)
      activesupport (>= 4.0.0)
    activemodel (4.0.13)
      activesupport (= 4.0.13)
      builder (~> 3.1.0)
    activerecord (4.0.13)
      activemodel (= 4.0.13)
      activerecord-deprecated_finders (~> 1.0.2)
      activesupport (= 4.0.13)
      arel (~> 4.0.0)
    activerecord-deprecated_finders (1.0.4)
    activesupport (4.0.13)
      i18n (~> 0.6, >= 0.6.9)
      minitest (~> 4.2)
      multi_json (~> 1.3)
      thread_safe (~> 0.1)
      tzinfo (~> 0.3.37)
    addressable (2.3.8)
    afm (0.2.2)
    arabic-letter-connector (0.1.1)
    archive-zip (0.7.0)
      io-like (~> 0.3.0)
    arel (4.0.2)
    arrayfields (4.9.2)
    ast (2.0.0)
    astrolabe (1.3.0)
      parser (>= 2.2.0.pre.3, < 3.0)
    awesome_print (1.2.0)
    babel-source (5.8.35)
    babel-transpiler (0.7.0)
      babel-source (>= 4.0, < 6)
      execjs (~> 2.0)
    backburner (1.3.0)
      beaneater (~> 1.0)
      dante (> 0.1.5)
    beaneater (1.0.0)
    better_errors (2.1.1)
      coderay (>= 1.0.0)
      erubis (>= 2.6.6)
      rack (>= 0.9.0)
    binding_of_caller (0.7.2)
      debug_inspector (>= 0.0.1)
    builder (3.1.4)
    byebug (3.4.0)
      columnize (~> 0.8)
      debugger-linecache (~> 1.2)
      slop (~> 3.6)
    cancancan (1.9.2)
    cane (2.6.2)
      parallel
    capistrano (2.14.2)
      highline
      net-scp (>= 1.0.0)
      net-sftp (>= 2.0.0)
      net-ssh (>= 2.0.14)
      net-ssh-gateway (>= 1.1.0)
    capybara (2.15.1)
      addressable
      mini_mime (>= 0.1.3)
      nokogiri (>= 1.3.3)
      rack (>= 1.0.0)
      rack-test (>= 0.5.4)
      xpath (~> 2.0)
    capybara-selenium (0.0.6)
      capybara
      selenium-webdriver
    childprocess (0.5.3)
      ffi (~> 1.0, >= 1.0.11)
    chosen-rails (1.1.0)
      coffee-rails (>= 3.2)
      compass-rails (>= 1.1.2)
      railties (>= 3.0)
      sass-rails (>= 3.2)
    chromedriver-helper (1.1.0)
      archive-zip (~> 0.7.0)
      nokogiri (~> 1.6)
    chronic (0.10.2)
    chunky_png (1.3.8)
    churn (0.0.35)
      chronic (>= 0.2.3)
      hirb
      json_pure
      main
      rest-client (>= 1.6.0)
      ruby_parser (~> 3.0)
      sexp_processor (~> 4.1)
    ci_reporter (1.9.2)
      builder (>= 2.1.2)
    closure-compiler (1.1.11)
    code_analyzer (0.4.5)
      sexp_processor
    code_metrics (0.1.3)
    coderay (1.1.0)
    coffee-rails (4.0.1)
      coffee-script (>= 2.2.0)
      railties (>= 4.0.0, < 5.0)
    coffee-script (2.3.0)
      coffee-script-source
      execjs
    coffee-script-source (1.8.0)
    colored (1.2)
    columnize (0.8.9)
    compass (1.0.3)
      chunky_png (~> 1.2)
      compass-core (~> 1.0.2)
      compass-import-once (~> 1.0.5)
      rb-fsevent (>= 0.9.3)
      rb-inotify (>= 0.9)
      sass (>= 3.3.13, < 3.5)
    compass-core (1.0.3)
      multi_json (~> 1.0)
      sass (>= 3.3.0, < 3.5)
    compass-import-once (1.0.5)
      sass (>= 3.2, < 3.5)
    compass-rails (3.0.2)
      compass (~> 1.0.0)
      sass-rails (< 5.1)
      sprockets (< 4.0)
    concurrent-ruby (1.0.5)
    cookiejar (0.3.2)
    couchrest (1.2.0)
      mime-types (~> 1.15)
      multi_json (~> 1.0)
      rest-client (~> 1.6.1)
    daemon_controller (1.2.0)
    daemons (1.1.9)
    dante (0.2.0)
    debug_inspector (0.0.2)
    debugger-linecache (1.2.0)
    deep_merge (1.0.1)
    diff-lcs (1.2.5)
    docile (1.1.5)
    dynamic_form (1.1.4)
    ejs (1.1.1)
    em-http-request (1.1.2)
      addressable (>= 2.3.4)
      cookiejar
      em-socksify (>= 0.3)
      eventmachine (>= 1.0.3)
      http_parser.rb (>= 0.6.0)
    em-socksify (0.3.0)
      eventmachine (>= 1.0.0.beta.4)
    erubis (2.7.0)
    eventmachine (1.0.7)
    execjs (2.2.1)
    factory_girl (2.6.4)
      activesupport (>= 2.3.9)
    fattr (2.2.2)
    ffi (1.9.17)
    flay (2.5.0)
      ruby_parser (~> 3.0)
      sexp_processor (~> 4.0)
    flog (4.3.0)
      ruby_parser (~> 3.1, > 3.1.0)
      sexp_processor (~> 4.4)
    foundation-rails (6.3.0.0)
      railties (>= 3.1.0)
      sass (>= 3.3.0, < 3.5)
      sprockets-es6 (>= 0.9.0)
    hashery (2.1.1)
    highline (1.6.16)
    hirb (0.7.2)
    hpricot (0.8.6)
    http_parser.rb (0.6.0)
    i18n (0.8.1)
    i18n-js (3.0.1)
      i18n (~> 0.6, >= 0.6.6)
    io-like (0.3.0)
    jquery-rails (3.1.2)
      railties (>= 3.0, < 5.0)
      thor (>= 0.14, < 2.0)
    jquery-turbolinks (2.1.0)
      railties (>= 3.1.0)
      turbolinks
    json (1.8.2)
    json_pure (1.8.1)
    json_spec (1.1.2)
      multi_json (~> 1.0)
      rspec (>= 2.0, < 4.0)
    launchy (2.4.2)
      addressable (~> 2.3)
    libv8 (3.16.14.11)
    mail (2.6.4)
      mime-types (>= 1.16, < 4)
    main (6.0.0)
      arrayfields (>= 4.7.4)
      chronic (>= 0.6.2)
      fattr (>= 2.2.0)
      map (>= 5.1.0)
    map (6.5.5)
    memoist (0.11.0)
    method_source (0.8.2)
    metric_fu (4.11.1)
      cane (~> 2.5, >= 2.5.2)
      churn (~> 0.0.35)
      code_metrics (~> 0.1)
      coderay
      flay (~> 2.1, >= 2.0.1)
      flog (~> 4.1, >= 4.1.1)
      launchy (~> 2.0)
      metric_fu-Saikuro (~> 1.1, >= 1.1.3)
      multi_json
      rails_best_practices (~> 1.14, >= 1.14.3)
      redcard
      reek (~> 1.3, >= 1.3.4)
      roodi (~> 3.1)
    metric_fu-Saikuro (1.1.3)
    mime-types (1.16)
    mini_magick (1.3.2)
      subexec (~> 0.0.4)
    mini_mime (0.1.3)
    mini_portile2 (2.2.0)
    minitest (4.7.5)
    momentjs-rails (2.10.3)
      railties (>= 3.1)
    multi_json (1.8.4)
    net-scp (1.2.1)
      net-ssh (>= 2.6.5)
    net-sftp (2.1.2)
      net-ssh (>= 2.6.5)
    net-ssh (2.9.1)
    net-ssh-gateway (1.2.0)
      net-ssh (>= 2.6.5)
    nokogiri (1.8.0)
      mini_portile2 (~> 2.2.0)
    options (2.3.2)
    os (0.9.6)
    parallel (1.3.2)
    parser (2.2.0.pre.4)
      ast (>= 1.1, < 3.0)
      slop (~> 3.4, >= 3.4.5)
    passenger (4.0.59)
      daemon_controller (>= 1.2.0)
      rack
      rake (>= 0.8.1)
    pdf-core (0.2.5)
    pdf-inspector (1.1.0)
      pdf-reader (~> 1.0)
    pdf-reader (1.3.3)
      Ascii85 (~> 1.0.0)
      afm (~> 0.2.0)
      hashery (~> 2.0)
      ruby-rc4
      ttfunk
    powerpack (0.0.9)
    pr_geohash (1.0.0)
    prawn (1.2.1)
      pdf-core (~> 0.2.5)
      ttfunk (~> 1.2.0)
    prawn-table (0.1.1)
    progress_bar (1.0.3)
      highline (~> 1.6.1)
      options (~> 2.3.0)
    pry (0.10.1)
      coderay (~> 1.1.0)
      method_source (~> 0.8.1)
      slop (~> 3.4)
    pry-byebug (2.0.0)
      byebug (~> 3.4)
      pry (~> 0.10)
    rack (1.5.5)
    rack-mini-profiler (0.9.2)
      rack (>= 1.1.3)
    rack-test (0.6.3)
      rack (>= 1.0)
    rails (4.0.13)
      actionmailer (= 4.0.13)
      actionpack (= 4.0.13)
      activerecord (= 4.0.13)
      activesupport (= 4.0.13)
      bundler (>= 1.3.0, < 2.0)
      railties (= 4.0.13)
      sprockets-rails (~> 2.0)
    rails_best_practices (1.15.4)
      activesupport
      awesome_print
      code_analyzer (>= 0.4.3)
      colored
      erubis
      i18n
      json
      require_all
      ruby-progressbar
    railties (4.0.13)
      actionpack (= 4.0.13)
      activesupport (= 4.0.13)
      rake (>= 0.8.7)
      thor (>= 0.18.1, < 2.0)
    rainbow (2.0.0)
    rake (0.9.3)
    rb-fsevent (0.9.8)
    rb-inotify (0.9.8)
      ffi (>= 0.5.0)
    rdoc (4.1.2)
      json (~> 1.4)
    redcard (1.1.0)
    reek (1.3.8)
      rainbow (>= 1.99, < 3.0)
      ruby2ruby (>= 2.0.8, < 3.0)
      ruby_parser (~> 3.3)
      sexp_processor
    ref (2.0.0)
    request_exception_handler (0.5.0)
      actionpack (>= 2.1)
    require_all (1.3.2)
    rest-client (1.6.8)
      mime-types (~> 1.16)
      rdoc (>= 2.4.2)
    roodi (3.3.1)
      ruby_parser (~> 3.2, >= 3.2.2)
    rsolr (1.0.13)
      builder (>= 2.1.2)
    rspec (2.14.1)
      rspec-core (~> 2.14.0)
      rspec-expectations (~> 2.14.0)
      rspec-mocks (~> 2.14.0)
    rspec-core (2.14.8)
    rspec-expectations (2.14.5)
      diff-lcs (>= 1.1.3, < 2.0)
    rspec-instafail (0.2.5)
      rspec
    rspec-mocks (2.14.6)
    rspec-rails (2.14.2)
      actionpack (>= 3.0)
      activemodel (>= 3.0)
      activesupport (>= 3.0)
      railties (>= 3.0)
      rspec-core (~> 2.14.0)
      rspec-expectations (~> 2.14.0)
      rspec-mocks (~> 2.14.0)
    rubocop (0.26.0)
      astrolabe (~> 1.3)
      parser (>= 2.2.0.pre.4, < 3.0)
      powerpack (~> 0.0.6)
      rainbow (>= 1.99.1, < 3.0)
      ruby-progressbar (~> 1.4)
    ruby-ole (1.2.11.7)
    ruby-prof (0.15.1)
    ruby-progressbar (1.5.1)
    ruby-rc4 (0.1.5)
    ruby2ruby (2.1.2)
      ruby_parser (~> 3.1)
      sexp_processor (~> 4.0)
    ruby_parser (3.6.2)
      sexp_processor (~> 4.1)
    rubyzip (1.1.6)
    rufus-scheduler (2.0.24)
      tzinfo (>= 0.3.22)
    sass (3.4.23)
    sass-rails (5.0.6)
      railties (>= 4.0.0, < 6)
      sass (~> 3.1)
      sprockets (>= 2.8, < 4.0)
      sprockets-rails (>= 2.0, < 4.0)
      tilt (>= 1.1, < 3)
    selenium-webdriver (2.43.0)
      childprocess (~> 0.5)
      multi_json (~> 1.0)
      rubyzip (~> 1.0)
      websocket (~> 1.0)
    sexp_processor (4.4.4)
    simplecov (0.8.2)
      docile (~> 1.1.0)
      multi_json
      simplecov-html (~> 0.8.0)
    simplecov-html (0.8.0)
    simplecov-rcov (0.2.3)
      simplecov (>= 0.4.1)
    slop (3.6.0)
    spreadsheet (1.0.0)
      ruby-ole (>= 1.0)
    sprockets (3.7.1)
      concurrent-ruby (~> 1.0)
      rack (> 1, < 3)
    sprockets-es6 (0.9.2)
      babel-source (>= 5.8.11)
      babel-transpiler
      sprockets (>= 3.0.0)
    sprockets-rails (2.3.3)
      actionpack (>= 3.0)
      activesupport (>= 3.0)
      sprockets (>= 2.8, < 4.0)
    subexec (0.0.4)
    sunspot (2.2.0)
      pr_geohash (~> 1.0)
      rsolr (~> 1.0.7)
    sunspot_rails (2.2.0)
      nokogiri
      rails (>= 3)
      sunspot (= 2.2.0)
    sunspot_solr (2.2.0)
    sunspot_test (0.4.0)
      sunspot_rails (>= 1.2.1)
    therubyracer (0.12.2)
      libv8 (~> 3.16.14.0)
      ref
    thin (1.6.2)
      daemons (>= 1.0.9)
      eventmachine (>= 1.0.0)
      rack (>= 1.0.0)
    thor (0.19.4)
    thread_safe (0.3.6)
    tilt (2.0.6)
    ttfunk (1.2.2)
    turbolinks (5.0.1)
      turbolinks-source (~> 5)
    turbolinks-source (5.0.0)
    tzinfo (0.3.52)
    uglifier (2.0.1)
      execjs (>= 0.3.0)
      multi_json (~> 1.0, >= 1.0.2)
    uuidtools (2.1.5)
    validatable (1.6.7)
    websocket (1.2.1)
    will_paginate (3.1.0)
    writeexcel (1.0.4)
    xpath (2.1.0)
      nokogiri (~> 1.3)
    yui-compressor (0.12.0)

PLATFORMS
  ruby

DEPENDENCIES
  activejob_backport
  addressable (~> 2.3.6)
  arabic-letter-connector
  backburner
  better_errors
  binding_of_caller
  cancancan (~> 1.7)
  capistrano (~> 2.14.2)
  capybara (~> 2.15.1)
  capybara-selenium
  chosen-rails (~> 1.1.0)
  chromedriver-helper
  ci_reporter (~> 1.9.1)
  closure-compiler
  coffee-rails (~> 4.0.1)
  compass-rails (~> 3.0.2)
  couchrest_model (~> 2.0.3)!
  daemons (~> 1.1.9)
  deep_merge
  dynamic_form (~> 1.1.4)
  ejs (~> 1.1.1)
  em-http-request (~> 1.1.2)
  eventmachine (~> 1.0.4)
  factory_girl (~> 2.6)
  foundation-rails (~> 6.3.0.0)
  highline (= 1.6.16)
  hpricot (~> 0.8.6)
  i18n-js (~> 3.0.1)
  jquery-rails
  jquery-turbolinks
  json_spec (~> 1.1.1)
  memoist (~> 0.11.0)
  metric_fu
  mime-types (= 1.16)
  mini_magick (= 1.3.2)
  momentjs-rails (~> 2.10.3)
  multi_json (~> 1.8.2)
  os (~> 0.9.6)
  passenger (= 4.0.59)
  pdf-inspector (~> 1.1.0)
  pdf-reader (= 1.3.3)
  prawn (~> 1.2.1)
  prawn-table (~> 0.1.1)
  progress_bar
  pry
  pry-byebug
  rack-mini-profiler
  rails (= 4.0.13)
  rake (= 0.9.3)
  rapidftr_addon!
  rapidftr_addon_cpims!
  request_exception_handler
  request_profiler!
  rspec (~> 2.14.1)
  rspec-instafail (~> 0.2.4)
  rspec-rails (~> 2.14.1)
  rubocop
  ruby-prof
  rufus-scheduler (~> 2.0.18)
  sass-rails (~> 5.0.6)
  selenium-webdriver (~> 2.43.0)
  simplecov (~> 0.8.2)
  simplecov-rcov (~> 0.2.3)
  spreadsheet (~> 1.0.0)
  sunspot_rails (= 2.2.0)
  sunspot_solr (= 2.2.0)
  sunspot_test
  therubyracer (~> 0.12.2)
  thin (~> 1.6.1)
  turbolinks (~> 5)
  uglifier (~> 2.0.1)
  uuidtools (~> 2.1.1)
  validatable (= 1.6.7)
  will_paginate (~> 3.1.0)
  writeexcel (~> 1.0.3)
  yui-compressor
  zipruby-compat!
